GEM
  remote: https://rubygems.org/
  specs:
    open-uri (0.1.0)
    require_all (3.0.0)

PLATFORMS
  ruby

DEPENDENCIES
  open-uri
  require_all

BUNDLED WITH
   2.1.4
